PATH
  remote: .
  specs:
    pbcopy-ruby (0.1.0)

GEM
  remote: https://rubygems.org/
  specs:
    minitest (5.25.5)
    rake (13.2.1)

PLATFORMS
  arm64-darwin-24
  ruby

DEPENDENCIES
  minitest (~> 5.0)
  pbcopy-ruby!
  rake (~> 13.0)

BUNDLED WITH
   2.6.3
